GEM
  remote: https://rubygems.org/
  specs:
    CFPropertyList (2.3.5)
    addressable (2.5.2)
      public_suffix (>= 2.0.2, < 4.0)
    diff-lcs (1.3)
    facter (2.5.1)
    facter (2.5.1-universal-darwin)
      CFPropertyList (~> 2.2)
    fast_gettext (1.1.0)
    gettext (3.2.4)
      locale (>= 2.0.5)
      text (>= 1.3.0)
    gettext-setup (0.28)
      fast_gettext (~> 1.1.0)
      gettext (>= 3.0.2)
      locale
    hiera (3.4.2)
    json-schema (2.8.0)
      addressable (>= 2.4)
    locale (2.1.2)
    metaclass (0.0.4)
    metadata-json-lint (2.0.2)
      json-schema (~> 2.8)
      spdx-licenses (~> 1.0)
    mocha (1.3.0)
      metaclass (~> 0.0.1)
    public_suffix (3.0.1)
    puppet (5.3.3)
      facter (> 2.0, < 4)
      gettext-setup (>= 0.10, < 1)
      hiera (>= 3.2.1, < 4)
      locale (~> 2.1)
    puppet (5.3.3-universal-darwin)
      CFPropertyList (~> 2.2)
      facter (> 2.0, < 4)
      gettext-setup (>= 0.10, < 1)
      hiera (>= 3.2.1, < 4)
      locale (~> 2.1)
    puppet-lint (2.3.3)
    puppet-syntax (2.4.1)
      rake
    puppetlabs_spec_helper (2.4.0)
      mocha (~> 1.0)
      puppet-lint (~> 2.0)
      puppet-syntax (~> 2.0)
      rspec-puppet (~> 2.0)
    rake (12.2.1)
    rspec (3.7.0)
      rspec-core (~> 3.7.0)
      rspec-expectations (~> 3.7.0)
      rspec-mocks (~> 3.7.0)
    rspec-core (3.7.0)
      rspec-support (~> 3.7.0)
    rspec-expectations (3.7.0)
      diff-lcs (>= 1.2.0, < 2.0)
      rspec-support (~> 3.7.0)
    rspec-mocks (3.7.0)
      diff-lcs (>= 1.2.0, < 2.0)
      rspec-support (~> 3.7.0)
    rspec-puppet (2.6.9)
      rspec
    rspec-puppet-utils (3.4.0)
      mocha
      puppet
      puppetlabs_spec_helper
      rspec
      rspec-puppet
    rspec-support (3.7.0)
    spdx-licenses (1.1.0)
    text (1.3.1)

PLATFORMS
  ruby
  x86_64-darwin-15

DEPENDENCIES
  metadata-json-lint
  puppet
  puppet-lint
  puppet-syntax
  puppetlabs_spec_helper
  rake
  rspec-puppet
  rspec-puppet-utils

BUNDLED WITH
   1.15.3
